GEM
  remote: https://rubygems.org/
  specs:
    contracts (0.9)
    pp (0.3.0)
      prettyprint
    prettyprint (0.1.1)
    ruby2d (0.11.1)
    vector2d (2.2.3)
      contracts (~> 0.9.0)

PLATFORMS
  x86_64-darwin-21

DEPENDENCIES
  pp (~> 0.3.0)
  ruby2d (~> 0.11.1)
  vector2d (~> 2.2, >= 2.2.3)

BUNDLED WITH
   2.3.5
